GEM
  remote: https://rubygems.org/
  specs:
    net-ping (2.0.8)

PLATFORMS
  x64-mingw32

DEPENDENCIES
  net-ping

BUNDLED WITH
   2.1.4
